PATH
  remote: .
  specs:
    pmark (0.0.1)
      clamp
      colorize
      erubis
      fog (= 1.23.0)
      rake

GEM
  remote: https://rubygems.org/
  specs:
    builder (3.2.2)
    clamp (0.6.4)
    colorize (0.7.5)
    erubis (2.7.0)
    excon (0.45.3)
    fog (1.23.0)
      fog-brightbox
      fog-core (~> 1.23)
      fog-json
      fog-softlayer
      ipaddress (~> 0.5)
      nokogiri (~> 1.5, >= 1.5.11)
    fog-brightbox (0.7.1)
      fog-core (~> 1.22)
      fog-json
      inflecto (~> 0.0.2)
    fog-core (1.30.0)
      builder
      excon (~> 0.45)
      formatador (~> 0.2)
      mime-types
      net-scp (~> 1.1)
      net-ssh (>= 2.1.3)
    fog-json (1.0.1)
      fog-core (~> 1.0)
      multi_json (~> 1.0)
    fog-softlayer (0.4.5)
      fog-core
      fog-json
    formatador (0.2.5)
    inflecto (0.0.2)
    ipaddress (0.8.0)
    mime-types (2.4.3)
    mini_portile (0.6.2)
    multi_json (1.11.0)
    net-scp (1.2.1)
      net-ssh (>= 2.6.5)
    net-ssh (2.9.2)
    nokogiri (1.6.6.2)
      mini_portile (~> 0.6.0)
    rake (10.4.2)

PLATFORMS
  ruby

DEPENDENCIES
  pmark!
